GEM
  remote: http://rubygems.org/
  specs:
    chipmunk (5.3.4.5)
    columnize (0.3.6)
    constructor (2.0.0)
    debugger (1.2.2)
      columnize (>= 0.3.1)
      debugger-linecache (~> 1.1.1)
      debugger-ruby_core_source (~> 1.1.5)
    debugger-linecache (1.1.2)
      debugger-ruby_core_source (>= 1.1.1)
    debugger-ruby_core_source (1.1.5)
    diff-lcs (1.1.3)
    diy (1.1.2)
      constructor (>= 1.0.0)
    gamebox (0.3.3)
      constructor
      diy
      gosu
      kvo
      publisher
      require_all
      tween
    gosu (0.7.45)
    kvo (0.0.4)
      publisher
    publisher (1.1.2)
    require_all (1.2.1)
    rspec (2.12.0)
      rspec-core (~> 2.12.0)
      rspec-expectations (~> 2.12.0)
      rspec-mocks (~> 2.12.0)
    rspec-core (2.12.2)
    rspec-expectations (2.12.1)
      diff-lcs (~> 1.1.3)
    rspec-mocks (2.12.1)
    tween (0.1.2)

PLATFORMS
  ruby

DEPENDENCIES
  chipmunk
  debugger
  diy
  gamebox (= 0.3.3)
  require_all
  rspec
